GEM
  remote: https://rubygems.org/
  specs:
    colorize (0.8.1)
    nokogiri (1.14.2-x86_64-linux)
      racc (~> 1.4)
    racc (1.6.2)
    spidr (0.7.0)
      nokogiri (~> 1.3)

PLATFORMS
  x86_64-linux

DEPENDENCIES
  colorize
  nokogiri
  spidr

BUNDLED WITH
   2.4.8
